GEM
  remote: https://rubygems.org/
  specs:
    addressable (2.4.0)
    crack (0.4.3)
      safe_yaml (~> 1.0.0)
    hashdiff (0.3.0)
    httparty (0.14.0)
      multi_xml (>= 0.5.2)
    minitest (5.4.3)
    multi_xml (0.5.5)
    rake (11.3.0)
    safe_yaml (1.0.4)
    vcr (3.0.3)
    webmock (2.1.0)
      addressable (>= 2.3.6)
      crack (>= 0.3.2)
      hashdiff

PLATFORMS
  x86-mingw32

DEPENDENCIES
  httparty
  minitest
  rake
  vcr
  webmock

BUNDLED WITH
   1.13.6
